GEM
  remote: https://rubygems.org/
  specs:
    binding_of_caller (0.6.8)
    coderay (1.0.8)
    method_source (0.8.1)
    micro_test (0.2.8)
      pry
      pry-stack_explorer
      slop
    pry (0.9.10)
      coderay (~> 1.0.5)
      method_source (~> 0.8)
      slop (~> 3.3.1)
    pry-stack_explorer (0.4.7)
      binding_of_caller (~> 0.6.8)
    slop (3.3.3)

PLATFORMS
  ruby

DEPENDENCIES
  micro_test
